GEM
  remote: https://rubygems.org/
  specs:
    json (1.8.0)
    redcarpet (2.2.2)
    redis (3.0.4)

PLATFORMS
  ruby

DEPENDENCIES
  json
  redcarpet
  redis
