GEM
  remote: https://rubygems.org/
  specs:
    json (1.8.0)
    rack (1.5.2)
    rack-protection (1.5.0)
      rack
    redis (2.2.2)
    sinatra (1.4.2)
      rack (~> 1.5, >= 1.5.2)
      rack-protection (~> 1.4)
      tilt (~> 1.3, >= 1.3.4)
    sinatra-flash (0.3.0)
      sinatra (>= 1.0.0)
    tilt (1.4.1)

PLATFORMS
  ruby

DEPENDENCIES
  json
  redis
  sinatra
  sinatra-flash
