GEM
  remote: https://rubygems.org/
  specs:
    hiredis (0.4.5)
    json (1.8.0)
    redis (2.2.2)

PLATFORMS
  ruby

DEPENDENCIES
  hiredis (~> 0.4.5)
  json
  redis
